GEM
  remote: https://rubygems.org/
  specs:
    ashikawa-core (0.14.0)
      equalizer (~> 0.0.8)
      faraday (~> 0.9.0)
      faraday_middleware (~> 0.9.1)
    bundle (0.0.1)
      bundler
    equalizer (0.0.9)
    faraday (0.9.1)
      multipart-post (>= 1.2, < 3)
    faraday_middleware (0.9.1)
      faraday (>= 0.7.4, < 0.10)
    mini_portile (0.6.2)
    multipart-post (2.0.0)
    nokogiri (1.6.5)
      mini_portile (~> 0.6.0)
    rake (10.4.2)
    redis (3.2.0)
    yell (2.0.5)

PLATFORMS
  ruby

DEPENDENCIES
  ashikawa-core
  bundle
  nokogiri
  rake
  redis
  yell
