GEM
  remote: https://rubygems.org/
  specs:
    ashikawa-core (0.14.0)
      equalizer (~> 0.0.8)
      faraday (~> 0.9.0)
      faraday_middleware (~> 0.9.1)
    bundle (0.0.1)
      bundler
    elasticsearch (1.0.8)
      elasticsearch-api (= 1.0.7)
      elasticsearch-transport (= 1.0.7)
    elasticsearch-api (1.0.7)
      multi_json
    elasticsearch-transport (1.0.7)
      faraday
      multi_json
    equalizer (0.0.9)
    faraday (0.9.1)
      multipart-post (>= 1.2, < 3)
    faraday_middleware (0.9.1)
      faraday (>= 0.7.4, < 0.10)
    mini_portile (0.6.2)
    multi_json (1.11.0)
    multipart-post (2.0.0)
    nokogiri (1.6.5)
      mini_portile (~> 0.6.0)
    oauth (0.4.7)
    rake (10.4.2)
    rb-readline (0.5.2)
    redis (3.2.0)
    yell (2.0.5)

PLATFORMS
  ruby

DEPENDENCIES
  ashikawa-core
  bundle
  elasticsearch
  nokogiri
  oauth
  rake
  rb-readline
  redis
  yell
