GEM
  remote: https://rubygems.org/
  specs:
    bundle (0.0.1)
      bundler
    rake (10.4.2)

PLATFORMS
  ruby

DEPENDENCIES
  bundle
  rake
